GEM
  remote: https://rubygems.org/
  specs:
    mini_portile (0.5.2)
    nokogiri (1.6.0)
      mini_portile (~> 0.5.0)
    roo (1.11.2)
      nokogiri
      rubyzip
      spreadsheet (> 0.6.4)
    ruby-ole (1.2.11.7)
    rubyXL (1.2.5)
    rubyzip (1.1.0)
    simple-spreadsheet (0.2.0)
      roo (= 1.11.2)
      rubyXL (= 1.2.5)
      spreadsheet (= 0.6.5.9)
    spreadsheet (0.6.5.9)
      ruby-ole (>= 1.0)

PLATFORMS
  ruby

DEPENDENCIES
  simple-spreadsheet
