GEM
  remote: https://rubygems.org/
  specs:
    coderay (1.0.9)
    elasticsearch (0.4.1)
      elasticsearch-api (= 0.4.1)
      elasticsearch-transport (= 0.4.1)
    elasticsearch-api (0.4.1)
      multi_json
    elasticsearch-transport (0.4.1)
      faraday
      multi_json
    faraday (0.8.8)
      multipart-post (~> 1.2.0)
    method_source (0.8.2)
    mini_portile (0.5.2)
    multi_json (1.8.2)
    multipart-post (1.2.0)
    nokogiri (1.6.0)
      mini_portile (~> 0.5.0)
    pry (0.9.12.2)
      coderay (~> 1.0.5)
      method_source (~> 0.8)
      slop (~> 3.4)
    roo (1.11.2)
      nokogiri
      rubyzip
      spreadsheet (> 0.6.4)
    ruby-ole (1.2.11.7)
    rubyXL (1.2.5)
    rubyzip (1.1.0)
    simple-spreadsheet (0.2.0)
      roo (= 1.11.2)
      rubyXL (= 1.2.5)
      spreadsheet (= 0.6.5.9)
    slop (3.4.6)
    spreadsheet (0.6.5.9)
      ruby-ole (>= 1.0)

PLATFORMS
  ruby

DEPENDENCIES
  elasticsearch
  pry
  roo
  simple-spreadsheet
